GEM
  remote: https://rubygems.org/
  specs:
    byebug (11.1.3)
    front_matter_parser (1.0.1)
    httparty (0.18.1)
      mime-types (~> 3.0)
      multi_xml (>= 0.5.2)
    kramdown (2.3.1)
      rexml
    mime-types (3.3.1)
      mime-types-data (~> 3.2015)
    mime-types-data (3.2021.0704)
    multi_xml (0.6.0)
    rexml (3.2.5)

PLATFORMS
  ruby

DEPENDENCIES
  byebug
  front_matter_parser
  httparty
  kramdown

BUNDLED WITH
   2.1.4
